GEM
  remote: https://rubygems.org/
  specs:
    mote (1.1.2)
    rack (1.5.2)

PLATFORMS
  ruby

DEPENDENCIES
  mote
  rack
